GEM
  remote: https://rubygems.org/
  specs:
    colorize (0.8.1)
    diff-lcs (1.5.0)
    docile (1.4.0)
    highline (1.6.21)
    nokogiri (1.14.2-arm64-darwin)
      racc (~> 1.4)
    racc (1.6.2)
    roo (2.10.0)
      nokogiri (~> 1)
      rubyzip (>= 1.3.0, < 3.0.0)
    rspec (3.12.0)
      rspec-core (~> 3.12.0)
      rspec-expectations (~> 3.12.0)
      rspec-mocks (~> 3.12.0)
    rspec-core (3.12.1)
      rspec-support (~> 3.12.0)
    rspec-expectations (3.12.2)
      diff-lcs (>= 1.2.0, < 2.0)
      rspec-support (~> 3.12.0)
    rspec-mocks (3.12.3)
      diff-lcs (>= 1.2.0, < 2.0)
      rspec-support (~> 3.12.0)
    rspec-support (3.12.0)
    rubyzip (2.3.2)
    simplecov (0.22.0)
      docile (~> 1.1)
      simplecov-html (~> 0.11)
      simplecov_json_formatter (~> 0.1)
    simplecov-html (0.12.3)
    simplecov_json_formatter (0.1.4)
    spinning_cursor (0.3.0)
      highline (~> 1.6.19)

PLATFORMS
  arm64-darwin-21

DEPENDENCIES
  colorize (~> 0.8.1)
  roo (~> 2.10)
  rspec (~> 3.12)
  simplecov (~> 0.22.0)
  spinning_cursor (~> 0.3.0)

BUNDLED WITH
   2.4.2
